GEM
  remote: https://rubygems.org/
  specs:
    appveyor-worker (0.2.1)
      json
    ast (2.4.0)
    backport (1.1.2)
    git (1.6.0)
      rchardet (~> 1.8)
    jaro_winkler (1.5.4)
    json (2.3.0)
    maruku (0.7.3)
    minitest (5.14.0)
    naturally (2.2.0)
    nokogiri (1.12.5-x64-mingw32)
      racc (~> 1.4)
    nokogiri (1.12.5-x86-mingw32)
      racc (~> 1.4)
    nokogiri (1.12.5-x86_64-linux)
      racc (~> 1.4)
    parallel (1.19.1)
    parser (2.7.0.4)
      ast (~> 2.4.0)
    racc (1.5.2)
    rainbow (3.0.0)
    rake (12.3.3)
    rchardet (1.8.0)
    reverse_markdown (1.4.0)
      nokogiri
    rexml (3.2.4)
    rubocop (0.80.0)
      jaro_winkler (~> 1.5.1)
      parallel (~> 1.10)
      parser (>= 2.7.0.1)
      rainbow (>= 2.2.2, < 4.0)
      rexml
      ruby-progressbar (~> 1.7)
      unicode-display_width (>= 1.4.0, < 1.7)
    rubocop-sketchup (0.15.1)
      rubocop (>= 0.80, <= 0.80)
    ruby-progressbar (1.10.1)
    sketchup-api-stubs (0.7.2)
    skippy (0.4.1.a)
      git (~> 1.3)
      naturally (~> 2.1)
      thor (~> 0.19)
    solargraph (0.38.0)
      backport (~> 1.1)
      bundler (>= 1.17.2)
      jaro_winkler (~> 1.5)
      maruku (~> 0.7, >= 0.7.3)
      nokogiri (~> 1.9, >= 1.9.1)
      parser (~> 2.3)
      reverse_markdown (~> 1.0, >= 1.0.5)
      rubocop (~> 0.52)
      thor (~> 0.19, >= 0.19.4)
      tilt (~> 2.0)
      yard (~> 0.9)
    thor (0.20.3)
    tilt (2.0.10)
    unicode-display_width (1.6.1)
    yard (0.9.24)

PLATFORMS
  x64-mingw32
  x86-mingw32
  x86_64-linux

DEPENDENCIES
  appveyor-worker (~> 0.2)
  minitest
  nokogiri (~> 1.12.5)
  rake (~> 12.0)
  rubocop (~> 0.80.0)
  rubocop-sketchup (~> 0.15.0)
  sketchup-api-stubs
  skippy (~> 0.4.1.a)
  solargraph

BUNDLED WITH
   2.1.4
