GEM
  remote: https://rubygems.org/
  specs:
    appveyor-worker (0.2.1)
      json
    ast (2.4.0)
    backport (0.3.0)
    git (1.5.0)
    htmlentities (4.3.4)
    jaro_winkler (1.5.2)
    json (2.1.0)
    kramdown (1.17.0)
    mini_portile2 (2.4.0)
    minitest (5.11.3)
    naturally (2.2.0)
    nokogiri (1.9.1-x64-mingw32)
      mini_portile2 (~> 2.4.0)
    parallel (1.13.0)
    parser (2.6.0.0)
      ast (~> 2.4.0)
    powerpack (0.1.2)
    rainbow (3.0.0)
    rake (12.3.2)
    reverse_markdown (1.1.0)
      nokogiri
    rubocop (0.61.1)
      jaro_winkler (~> 1.5.1)
      parallel (~> 1.10)
      parser (>= 2.5, != 2.5.1.1)
      powerpack (~> 0.1)
      rainbow (>= 2.2.2, < 4.0)
      ruby-progressbar (~> 1.7)
      unicode-display_width (~> 1.4.0)
    rubocop-sketchup (0.6.0)
      rubocop (~> 0.61.0)
    ruby-progressbar (1.10.0)
    sketchup-api-stubs (0.3.1)
    skippy (0.4.1.a)
      git (~> 1.3)
      naturally (~> 2.1)
      thor (~> 0.19)
    solargraph (0.31.1)
      backport (~> 0.3)
      htmlentities (~> 4.3, >= 4.3.4)
      jaro_winkler (~> 1.5)
      kramdown (~> 1.16)
      parser (~> 2.3)
      reverse_markdown (~> 1.0, >= 1.0.5)
      rubocop (~> 0.52)
      thor (~> 0.19, >= 0.19.4)
      tilt (~> 2.0)
      yard (~> 0.9)
    thor (0.20.3)
    tilt (2.0.9)
    unicode-display_width (1.4.1)
    yard (0.9.18)

PLATFORMS
  x64-mingw32

DEPENDENCIES
  appveyor-worker (~> 0.2)
  minitest
  nokogiri (~> 1.9.0)
  rake (~> 12.0)
  rubocop (~> 0.61.0)
  rubocop-sketchup (~> 0.6.0)
  sketchup-api-stubs
  skippy (~> 0.4.1.a)
  solargraph

BUNDLED WITH
   1.16.2
